GEM
  remote: http://rubygems.org/
  specs:
    ansi (1.4.3)
    metaclass (0.0.1)
    minitest (4.5.0)
    mocha (0.13.2)
      metaclass (~> 0.0.1)
    turn (0.9.6)
      ansi

PLATFORMS
  ruby

DEPENDENCIES
  minitest
  mocha
  turn
