GIT
  remote: git://github.com/pry/pry.git
  revision: b928092abef70ac72f14914e31185a7556dcf380
  specs:
    pry (0.9.11.3)
      coderay (~> 1.0.5)
      method_source (~> 0.8)
      slop (~> 3.4)

GEM
  remote: http://rubygems.org/
  specs:
    addressable (2.2.8)
    ansi (1.4.3)
    backports (2.8.2)
    bcrypt-ruby (3.0.1)
    builder (3.1.4)
    celluloid (0.12.4)
      facter (>= 1.6.12)
      timers (>= 1.0.0)
    coderay (1.0.8)
    data_mapper (1.2.0)
      dm-aggregates (~> 1.2.0)
      dm-constraints (~> 1.2.0)
      dm-core (~> 1.2.0)
      dm-migrations (~> 1.2.0)
      dm-serializer (~> 1.2.0)
      dm-timestamps (~> 1.2.0)
      dm-transactions (~> 1.2.0)
      dm-types (~> 1.2.0)
      dm-validations (~> 1.2.0)
    data_objects (0.10.12)
      addressable (~> 2.1)
    dm-aggregates (1.2.0)
      dm-core (~> 1.2.0)
    dm-constraints (1.2.0)
      dm-core (~> 1.2.0)
    dm-core (1.2.0)
      addressable (~> 2.2.6)
    dm-do-adapter (1.2.0)
      data_objects (~> 0.10.6)
      dm-core (~> 1.2.0)
    dm-migrations (1.2.0)
      dm-core (~> 1.2.0)
    dm-serializer (1.2.2)
      dm-core (~> 1.2.0)
      fastercsv (~> 1.5)
      json (~> 1.6)
      json_pure (~> 1.6)
      multi_json (~> 1.0)
    dm-sqlite-adapter (1.2.0)
      dm-do-adapter (~> 1.2.0)
      do_sqlite3 (~> 0.10.6)
    dm-timestamps (1.2.0)
      dm-core (~> 1.2.0)
    dm-transactions (1.2.0)
      dm-core (~> 1.2.0)
    dm-types (1.2.2)
      bcrypt-ruby (~> 3.0)
      dm-core (~> 1.2.0)
      fastercsv (~> 1.5)
      json (~> 1.6)
      multi_json (~> 1.0)
      stringex (~> 1.4)
      uuidtools (~> 2.1)
    dm-validations (1.2.0)
      dm-core (~> 1.2.0)
    do_sqlite3 (0.10.12)
      data_objects (= 0.10.12)
    each_with_progress (0.2)
    eventmachine (1.0.0)
    facter (1.6.17)
    faraday (0.8.4)
      multipart-post (~> 1.1)
    fastercsv (1.5.5)
    httparty (0.10.2)
      multi_json (~> 1.0)
      multi_xml (>= 0.5.2)
    httpauth (0.2.0)
    httpclient (2.3.2)
    json (1.7.6)
    json_pure (1.7.6)
    jwt (0.1.5)
      multi_json (>= 1.0)
    metaclass (0.0.1)
    method_source (0.8.1)
    minitest (4.5.0)
    mocha (0.13.2)
      metaclass (~> 0.0.1)
    multi_json (1.5.0)
    multi_xml (0.5.2)
    multipart-post (1.1.5)
    nokogiri (1.5.6)
    oauth (0.4.7)
    oauth2 (0.8.0)
      faraday (~> 0.8)
      httpauth (~> 0.1)
      jwt (~> 0.1.4)
      multi_json (~> 1.0)
      rack (~> 1.2)
    rack (1.5.1)
    rack-protection (1.3.2)
      rack
    rack-test (0.6.2)
      rack (>= 1.0)
    simple_oauth (0.2.0)
    sinatra (1.3.4)
      rack (~> 1.4)
      rack-protection (~> 1.3)
      tilt (~> 1.3, >= 1.3.3)
    sinatra-contrib (1.3.2)
      backports (>= 2.0)
      eventmachine
      rack-protection
      rack-test
      sinatra (~> 1.3.0)
      tilt (~> 1.3)
    slim (1.3.6)
      temple (~> 0.5.5)
      tilt (~> 1.3.3)
    slop (3.4.3)
    stringex (1.5.1)
    temple (0.5.5)
    tilt (1.3.3)
    timers (1.1.0)
    turn (0.9.6)
      ansi
    twitter (4.5.0)
      faraday (~> 0.8, < 0.10)
      multi_json (~> 1.0)
      simple_oauth (~> 0.2)
    uuidtools (2.1.3)
    vimeo (1.5.3)
      httparty (>= 0.4.5)
      httpclient (>= 2.1.5.2)
      json (>= 1.1.9)
      multipart-post (>= 1.0.1)
      oauth (>= 0.4.3)
    youtube_it (2.1.12)
      builder
      faraday (~> 0.8)
      nokogiri (~> 1.5.2)
      oauth (~> 0.4.4)
      oauth2 (~> 0.6)
      simple_oauth (>= 0.1.5)

PLATFORMS
  ruby

DEPENDENCIES
  celluloid
  data_mapper
  dm-sqlite-adapter
  each_with_progress
  httparty
  minitest
  mocha
  nokogiri
  pry!
  sinatra
  sinatra-contrib
  slim
  turn
  twitter
  vimeo
  youtube_it
