GEM
  remote: http://rubygems.org/
  specs:
    ansi (1.4.3)
    backports (2.6.7)
    descendants_tracker (0.0.1)
    metaclass (0.0.1)
    minitest (4.5.0)
    mocha (0.13.2)
      metaclass (~> 0.0.1)
    turn (0.9.6)
      ansi
    virtus (0.5.4)
      backports (~> 2.6.1)
      descendants_tracker (~> 0.0.1)

PLATFORMS
  ruby

DEPENDENCIES
  minitest
  mocha
  turn
  virtus
