GIT
  remote: git://github.com/pry/pry.git
  revision: b928092abef70ac72f14914e31185a7556dcf380
  specs:
    pry (0.9.11.3)
      coderay (~> 1.0.5)
      method_source (~> 0.8)
      slop (~> 3.4)

GEM
  remote: http://rubygems.org/
  specs:
    ansi (1.4.3)
    backports (2.6.7)
    certified (0.1.1)
    coderay (1.0.8)
    descendants_tracker (0.0.1)
    http (0.4.0)
      certified
      http_parser.rb
    http_parser.rb (0.5.3)
    metaclass (0.0.1)
    method_source (0.8.1)
    minitest (4.5.0)
    mocha (0.13.2)
      metaclass (~> 0.0.1)
    nokogiri (1.5.6)
    slop (3.4.3)
    turn (0.9.6)
      ansi
    virtus (0.5.4)
      backports (~> 2.6.1)
      descendants_tracker (~> 0.0.1)

PLATFORMS
  ruby

DEPENDENCIES
  http
  minitest
  mocha
  nokogiri
  pry!
  turn
  virtus
