GIT
  remote: git://github.com/pry/pry.git
  revision: b928092abef70ac72f14914e31185a7556dcf380
  specs:
    pry (0.9.11.3)
      coderay (~> 1.0.5)
      method_source (~> 0.8)
      slop (~> 3.4)

GEM
  remote: http://rubygems.org/
  specs:
    ansi (1.4.3)
    backports (2.6.7)
    celluloid (0.12.4)
      facter (>= 1.6.12)
      timers (>= 1.0.0)
    coderay (1.0.8)
    descendants_tracker (0.0.1)
    facter (1.6.17)
    faraday (0.8.4)
      multipart-post (~> 1.1)
    httparty (0.10.2)
      multi_json (~> 1.0)
      multi_xml (>= 0.5.2)
    httpclient (2.3.2)
    json (1.7.6)
    metaclass (0.0.1)
    method_source (0.8.1)
    minitest (4.5.0)
    mocha (0.13.2)
      metaclass (~> 0.0.1)
    multi_json (1.5.0)
    multi_xml (0.5.2)
    multipart-post (1.1.5)
    nokogiri (1.5.6)
    oauth (0.4.7)
    simple_oauth (0.2.0)
    slop (3.4.3)
    timers (1.1.0)
    turn (0.9.6)
      ansi
    twitter (4.5.0)
      faraday (~> 0.8, < 0.10)
      multi_json (~> 1.0)
      simple_oauth (~> 0.2)
    vimeo (1.5.3)
      httparty (>= 0.4.5)
      httpclient (>= 2.1.5.2)
      json (>= 1.1.9)
      multipart-post (>= 1.0.1)
      oauth (>= 0.4.3)
    virtus (0.5.4)
      backports (~> 2.6.1)
      descendants_tracker (~> 0.0.1)

PLATFORMS
  ruby

DEPENDENCIES
  celluloid
  httparty
  minitest
  mocha
  nokogiri
  pry!
  turn
  twitter
  vimeo
  virtus
